GEM
  remote: https://rubygems.org/
  specs:
    CFPropertyList (2.2.8)
    colorize (0.7.5)
    facter (2.1.0)
      CFPropertyList (~> 2.2.6)
    hiera (1.3.4)
      json_pure
    json_pure (1.8.2)
    open4 (1.3.4)
    puppet (3.6.2)
      facter (> 1.6, < 3)
      hiera (~> 1.0)
      json_pure
      rgen (~> 0.6.5)
    puppet-lint (1.1.0)
    puppet-syntax (1.4.1)
      rake
    rake (10.4.2)
    rgen (0.6.6)

PLATFORMS
  ruby

DEPENDENCIES
  colorize (>= 0.7.5)
  facter (~> 2.1.0)
  hiera (~> 1.3.0)
  open4 (>= 1.3.4)
  puppet (~> 3.6.0)
  puppet-lint
  puppet-syntax
